PATH
  remote: .
  specs:
    best_books (0.1.0)

GEM
  remote: https://rubygems.org/
  specs:
    mini_portile2 (2.4.0)
    nokogiri (1.10.2)
      mini_portile2 (~> 2.4.0)
    rake (10.5.0)

PLATFORMS
  ruby

DEPENDENCIES
  best_books!
  bundler (~> 2.0)
  nokogiri (>= 1.6.7.rc)
  rake (~> 10.0)

BUNDLED WITH
   2.0.1
